PATH
  remote: .
  specs:
    kinetic_sdk (5.0.30)
      mime-types (>= 3.3.1)
      multipart-post (= 2.0.0)
      slugify (= 1.0.7)

GEM
  remote: https://rubygems.org/
  specs:
    logger (1.7.0)
    mime-types (3.7.0)
      logger
      mime-types-data (~> 3.2025, >= 3.2025.0507)
    mime-types-data (3.2025.0924)
    multipart-post (2.0.0)
    rake (13.0.1)
    slugify (1.0.7)
    yard (0.9.36)

PLATFORMS
  java
  ruby

DEPENDENCIES
  bundler (>= 1.17)
  kinetic_sdk!
  rake (>= 13.0.1)
  yard (~> 0.9.36)

RUBY VERSION
   ruby 2.3.3p0 (jruby 9.1.9.0)

BUNDLED WITH
   1.17.3
